GEM
  remote: https://rubygems.org/
  specs:
    aws-eventstream (1.0.1)
    aws-partitions (1.121.0)
    aws-record (2.1.2)
      aws-sdk-dynamodb (~> 1.0)
    aws-sdk-core (3.42.0)
      aws-eventstream (~> 1.0)
      aws-partitions (~> 1.0)
      aws-sigv4 (~> 1.0)
      jmespath (~> 1.0)
    aws-sdk-dynamodb (1.18.0)
      aws-sdk-core (~> 3, >= 3.39.0)
      aws-sigv4 (~> 1.0)
    aws-sigv4 (1.0.3)
    jmespath (1.4.0)
    mustermann (1.0.3)
    rack (2.0.6)
    rack-contrib (2.1.0)
      rack (~> 2.0)
    rack-protection (2.0.4)
      rack
    rake (12.3.1)
    sinatra (2.0.4)
      mustermann (~> 1.0)
      rack (~> 2.0)
      rack-protection (= 2.0.4)
      tilt (~> 2.0)
    tilt (2.0.9)

PLATFORMS
  ruby

DEPENDENCIES
  aws-record
  rack-contrib
  rake
  sinatra

BUNDLED WITH
   1.17.1
